GEM
  remote: https://rubygems.org/
  specs:
    addressable (2.6.0)
      public_suffix (>= 2.0.2, < 4.0)
    domain_name (0.5.20190701)
      unf (>= 0.0.5, < 1.0.0)
    foreman (0.85.0)
      thor (~> 0.19.1)
    hashie (3.6.0)
    hiredis (0.6.1)
    http (4.1.1)
      addressable (~> 2.3)
      http-cookie (~> 1.0)
      http-form_data (~> 2.0)
      http_parser.rb (~> 0.6.0)
    http-cookie (1.0.3)
      domain_name (~> 0.5)
    http-form_data (2.1.1)
    http_parser.rb (0.6.0)
    mustermann (1.0.3)
    nest (3.0.0)
      redic
    nio4r (2.4.0)
    ohm (3.1.1)
      nest (~> 3)
      redic (~> 1.5.0)
      stal
    ohm-contrib (3.0.0)
      ohm (~> 3.0)
    public_suffix (3.1.1)
    puma (4.1.0)
      nio4r (~> 2.0)
    rack (2.0.7)
    rack-protection (2.0.5)
      rack
    rake (13.0.3)
    redic (1.5.0)
      hiredis
    sinatra (2.0.5)
      mustermann (~> 1.0)
      rack (~> 2.0)
      rack-protection (= 2.0.5)
      tilt (~> 2.0)
    sirp (2.0.1)
      sysrandom (~> 1.0)
    stal (0.3.0)
      redic (~> 1.5)
    sysrandom (1.0.5)
    thor (0.19.4)
    tilt (2.0.9)
    unf (0.1.4)
      unf_ext
    unf_ext (0.0.7.6)

PLATFORMS
  ruby

DEPENDENCIES
  bundler
  foreman (~> 0.85)
  hashie (~> 3.6)
  http (~> 4.1)
  ohm (~> 3.0)
  ohm-contrib (~> 3.0)
  puma (~> 4.1)
  rake
  sinatra (~> 2.0)
  sirp (= 2.0.1)

RUBY VERSION
   ruby 2.6.0p0

BUNDLED WITH
   1.17.2
