GEM
  remote: https://rubygems.org/
  specs:
    addressable (2.5.0)
      public_suffix (~> 2.0, >= 2.0.2)
    domain_name (0.5.20161129)
      unf (>= 0.0.5, < 1.0.0)
    ffi (1.9.17)
    foreman (0.83.0)
      thor (~> 0.19.1)
    hashie (3.5.3)
    hiredis (0.6.1)
    http (2.2.1)
      addressable (~> 2.3)
      http-cookie (~> 1.0)
      http-form_data (~> 1.0.1)
      http_parser.rb (~> 0.6.0)
    http-cookie (1.0.3)
      domain_name (~> 0.5)
    http-form_data (1.0.1)
    http_parser.rb (0.6.0)
    nest (3.0.0)
      redic
    nio4r (2.4.0)
    ohm (3.1.1)
      nest (~> 3)
      redic (~> 1.5.0)
      stal
    ohm-contrib (3.0.0)
      ohm (~> 3.0)
    public_suffix (2.0.5)
    puma (4.1.0)
      nio4r (~> 2.0)
    rack (1.6.11)
    rack-protection (1.5.3)
      rack
    rake (12.0.0)
    rbnacl (4.0.1)
      ffi
    rbnacl-libsodium (1.0.11)
      rbnacl (>= 3.0.1)
    redic (1.5.0)
      hiredis
    sinatra (1.4.8)
      rack (~> 1.5)
      rack-protection (~> 1.4)
      tilt (>= 1.3, < 3)
    sirp (2.0.0)
      hashie (~> 3.4)
      rbnacl-libsodium (~> 1.0)
      sysrandom (~> 1.0)
    stal (0.3.0)
      redic (~> 1.5)
    sysrandom (1.0.4)
    thor (0.19.4)
    tilt (2.0.6)
    unf (0.1.4)
      unf_ext
    unf_ext (0.0.7.2)

PLATFORMS
  ruby

DEPENDENCIES
  bundler
  foreman (~> 0.81)
  hashie (~> 3.4)
  http (~> 2.0)
  ohm (~> 3.0)
  ohm-contrib (~> 3.0)
  puma (~> 4.1)
  rake
  sinatra (~> 1.4)
  sirp (= 2.0.0)

RUBY VERSION
   ruby 2.4.0p0

BUNDLED WITH
   1.14.3
